GEM
  remote: http://rubygems.org/
  specs:
    activemodel (3.2.1)
      activesupport (= 3.2.1)
      builder (~> 3.0.0)
    activesupport (3.2.1)
      i18n (~> 0.6)
      multi_json (~> 1.0)
    bson (1.6.0)
    bson_ext (1.6.0)
      bson (= 1.6.0)
    builder (3.0.0)
    cinch (1.1.3)
    i18n (0.6.0)
    mongo (1.6.0)
      bson (= 1.6.0)
    mongoid (2.4.5)
      activemodel (~> 3.1)
      mongo (~> 1.3)
      tzinfo (~> 0.3.22)
    multi_json (1.1.0)
    tzinfo (0.3.31)

PLATFORMS
  ruby

DEPENDENCIES
  bson_ext
  cinch
  mongoid
